GEM
  remote: http://rubygems.org/
  specs:
    aws-sdk (2.5.7)
      aws-sdk-resources (= 2.5.7)
    aws-sdk-core (2.5.7)
      jmespath (~> 1.0)
    aws-sdk-resources (2.5.7)
      aws-sdk-core (= 2.5.7)
    commander (4.4.0)
      highline (~> 1.7.2)
    ec2-metadata (0.2.2)
    highline (1.7.8)
    jmespath (1.3.1)

PLATFORMS
  ruby

DEPENDENCIES
  aws-sdk
  commander
  ec2-metadata

BUNDLED WITH
   1.11.2
